GEM
  remote: https://rubygems.org/
  specs:
    rack (2.0.9.3)
    webrick (1.8.1)

PLATFORMS
  ruby

DEPENDENCIES
  rack (~> 2.0.1)
  webrick

BUNDLED WITH
   1.17.2
